RESTRICTION: || (== net6.0) (== netstandard2.0) (== netstandard2.1)
NUGET
  remote: https://www.nuget.org/api/v2
    Emgu.CV (4.4.0.4099)
      System.Drawing.Primitives (>= 4.3)
      System.Runtime (>= 4.3.1)
      System.Runtime.InteropServices.RuntimeInformation (>= 4.3)
    Emgu.CV.Bitmap (4.4.0.4099)
      Emgu.CV (>= 4.4 < 4.4.1)
      System.Drawing.Common (>= 4.7)
    Emgu.CV.runtime.windows (4.4.0.4099)
      Emgu.CV (>= 4.4 < 4.4.1)
    Emgu.CV.runtime.windows.cuda (4.4.0.4099)
      Emgu.CV (>= 4.4 < 4.4.1)
      Emgu.runtime.windows.cuda.blas (11.1.218)
      Emgu.runtime.windows.cuda.dnn (8.0.1)
      Emgu.runtime.windows.cuda.dnn.adv (8.0.1)
      Emgu.runtime.windows.cuda.dnn.cnn (8.0.1)
      Emgu.runtime.windows.cuda.dnn.ops (8.0.1)
      Emgu.runtime.windows.cuda.fft (11.1.218)
      Emgu.runtime.windows.cuda.npp (11.1.218)
    Emgu.runtime.windows.cuda.blas (11.1.218)
    Emgu.runtime.windows.cuda.dnn (8.0.1)
      Emgu.runtime.windows.cuda.rt (11.1.218)
    Emgu.runtime.windows.cuda.dnn.adv (8.0.1)
      Emgu.runtime.windows.cuda.dnn (8.0.1)
    Emgu.runtime.windows.cuda.dnn.cnn (8.0.1)
      Emgu.runtime.windows.cuda.dnn (8.0.1)
    Emgu.runtime.windows.cuda.dnn.ops (8.0.1)
      Emgu.runtime.windows.cuda.dnn (8.0.1)
    Emgu.runtime.windows.cuda.fft (11.1.218)
    Emgu.runtime.windows.cuda.npp (11.1.218)
    Emgu.runtime.windows.cuda.rt (11.1.218)
    Microsoft.NETCore.Platforms (6.0.6)
    Microsoft.NETCore.Targets (5.0)
    Microsoft.Win32.SystemEvents (6.0.1) - restriction: || (== net6.0) (&& (== netstandard2.0) (>= netcoreapp3.1)) (&& (== netstandard2.1) (>= netcoreapp3.1))
    runtime.native.System (4.3.1)
      Microsoft.NETCore.Platforms (>= 1.1.1)
      Microsoft.NETCore.Targets (>= 1.1.3)
    System.Drawing.Common (6.0)
      Microsoft.Win32.SystemEvents (>= 6.0) - restriction: || (== net6.0) (&& (== netstandard2.0) (>= netcoreapp3.1)) (&& (== netstandard2.1) (>= netcoreapp3.1))
    System.Drawing.Primitives (4.3)
      System.Runtime (>= 4.3)
      System.Runtime.Extensions (>= 4.3)
    System.Globalization (4.3)
      Microsoft.NETCore.Platforms (>= 1.1)
      Microsoft.NETCore.Targets (>= 1.1)
      System.Runtime (>= 4.3)
    System.IO (4.3)
      Microsoft.NETCore.Platforms (>= 1.1)
      Microsoft.NETCore.Targets (>= 1.1)
      System.Runtime (>= 4.3)
      System.Text.Encoding (>= 4.3)
      System.Threading.Tasks (>= 4.3)
    System.Reflection (4.3)
      Microsoft.NETCore.Platforms (>= 1.1)
      Microsoft.NETCore.Targets (>= 1.1)
      System.IO (>= 4.3)
      System.Reflection.Primitives (>= 4.3)
      System.Runtime (>= 4.3)
    System.Reflection.Extensions (4.3)
      Microsoft.NETCore.Platforms (>= 1.1)
      Microsoft.NETCore.Targets (>= 1.1)
      System.Reflection (>= 4.3)
      System.Runtime (>= 4.3)
    System.Reflection.Primitives (4.3)
      Microsoft.NETCore.Platforms (>= 1.1)
      Microsoft.NETCore.Targets (>= 1.1)
      System.Runtime (>= 4.3)
    System.Resources.ResourceManager (4.3)
      Microsoft.NETCore.Platforms (>= 1.1)
      Microsoft.NETCore.Targets (>= 1.1)
      System.Globalization (>= 4.3)
      System.Reflection (>= 4.3)
      System.Runtime (>= 4.3)
    System.Runtime (4.3.1)
      Microsoft.NETCore.Platforms (>= 1.1.1)
      Microsoft.NETCore.Targets (>= 1.1.3)
    System.Runtime.Extensions (4.3.1)
      Microsoft.NETCore.Platforms (>= 1.1.1)
      Microsoft.NETCore.Targets (>= 1.1.3)
      System.Runtime (>= 4.3.1)
    System.Runtime.Handles (4.3)
      Microsoft.NETCore.Platforms (>= 1.1)
      Microsoft.NETCore.Targets (>= 1.1)
      System.Runtime (>= 4.3)
    System.Runtime.InteropServices (4.3)
      Microsoft.NETCore.Platforms (>= 1.1)
      Microsoft.NETCore.Targets (>= 1.1)
      System.Reflection (>= 4.3)
      System.Reflection.Primitives (>= 4.3)
      System.Runtime (>= 4.3)
      System.Runtime.Handles (>= 4.3)
    System.Runtime.InteropServices.RuntimeInformation (4.3)
      runtime.native.System (>= 4.3)
      System.Reflection (>= 4.3)
      System.Reflection.Extensions (>= 4.3)
      System.Resources.ResourceManager (>= 4.3)
      System.Runtime (>= 4.3)
      System.Runtime.InteropServices (>= 4.3)
      System.Threading (>= 4.3)
    System.Text.Encoding (4.3)
      Microsoft.NETCore.Platforms (>= 1.1)
      Microsoft.NETCore.Targets (>= 1.1)
      System.Runtime (>= 4.3)
    System.Threading (4.3)
      System.Runtime (>= 4.3)
      System.Threading.Tasks (>= 4.3)
    System.Threading.Tasks (4.3)
      Microsoft.NETCore.Platforms (>= 1.1)
      Microsoft.NETCore.Targets (>= 1.1)
      System.Runtime (>= 4.3)
