STORAGE: NONE
RESTRICTION: || (== net6.0) (== netstandard2.0) (== netstandard2.1)
NUGET
  remote: https://api.nuget.org/v3/index.json
    Microsoft.CodeDom.Providers.DotNetCompilerPlatform (3.6)
    Microsoft.EntityFrameworkCore (6.0.10) - restriction: || (== net6.0) (&& (== netstandard2.0) (>= net6.0)) (&& (== netstandard2.1) (>= net6.0))
      Microsoft.EntityFrameworkCore.Abstractions (>= 6.0.10) - restriction: || (== net6.0) (&& (== netstandard2.0) (>= net6.0)) (&& (== netstandard2.1) (>= net6.0))
      Microsoft.EntityFrameworkCore.Analyzers (>= 6.0.10) - restriction: || (== net6.0) (&& (== netstandard2.0) (>= net6.0)) (&& (== netstandard2.1) (>= net6.0))
      Microsoft.Extensions.Caching.Memory (>= 6.0.1) - restriction: || (== net6.0) (&& (== netstandard2.0) (>= net6.0)) (&& (== netstandard2.1) (>= net6.0))
      Microsoft.Extensions.DependencyInjection (>= 6.0.1) - restriction: || (== net6.0) (&& (== netstandard2.0) (>= net6.0)) (&& (== netstandard2.1) (>= net6.0))
      Microsoft.Extensions.Logging (>= 6.0) - restriction: || (== net6.0) (&& (== netstandard2.0) (>= net6.0)) (&& (== netstandard2.1) (>= net6.0))
      System.Collections.Immutable (>= 6.0) - restriction: || (== net6.0) (&& (== netstandard2.0) (>= net6.0)) (&& (== netstandard2.1) (>= net6.0))
      System.Diagnostics.DiagnosticSource (>= 6.0) - restriction: || (== net6.0) (&& (== netstandard2.0) (>= net6.0)) (&& (== netstandard2.1) (>= net6.0))
    Microsoft.EntityFrameworkCore.Abstractions (6.0.10) - restriction: || (== net6.0) (&& (== netstandard2.0) (>= net6.0)) (&& (== netstandard2.1) (>= net6.0))
    Microsoft.EntityFrameworkCore.Analyzers (6.0.10) - restriction: || (== net6.0) (&& (== netstandard2.0) (>= net6.0)) (&& (== netstandard2.1) (>= net6.0))
    Microsoft.EntityFrameworkCore.Relational (6.0.10)
      Microsoft.EntityFrameworkCore (>= 6.0.10) - restriction: || (== net6.0) (&& (== netstandard2.0) (>= net6.0)) (&& (== netstandard2.1) (>= net6.0))
      Microsoft.Extensions.Configuration.Abstractions (>= 6.0) - restriction: || (== net6.0) (&& (== netstandard2.0) (>= net6.0)) (&& (== netstandard2.1) (>= net6.0))
    Microsoft.Extensions.Caching.Abstractions (6.0) - restriction: || (== net6.0) (&& (== netstandard2.0) (>= net6.0)) (&& (== netstandard2.1) (>= net6.0))
      Microsoft.Extensions.Primitives (>= 6.0)
    Microsoft.Extensions.Caching.Memory (6.0.1) - restriction: || (== net6.0) (&& (== netstandard2.0) (>= net6.0)) (&& (== netstandard2.1) (>= net6.0))
      Microsoft.Extensions.Caching.Abstractions (>= 6.0)
      Microsoft.Extensions.DependencyInjection.Abstractions (>= 6.0)
      Microsoft.Extensions.Logging.Abstractions (>= 6.0)
      Microsoft.Extensions.Options (>= 6.0)
      Microsoft.Extensions.Primitives (>= 6.0)
    Microsoft.Extensions.Configuration.Abstractions (6.0) - restriction: || (== net6.0) (&& (== netstandard2.0) (>= net6.0)) (&& (== netstandard2.1) (>= net6.0))
      Microsoft.Extensions.Primitives (>= 6.0)
    Microsoft.Extensions.DependencyInjection (6.0.1) - restriction: || (== net6.0) (&& (== netstandard2.0) (>= net6.0)) (&& (== netstandard2.1) (>= net6.0))
      Microsoft.Extensions.DependencyInjection.Abstractions (>= 6.0)
      System.Runtime.CompilerServices.Unsafe (>= 6.0)
    Microsoft.Extensions.DependencyInjection.Abstractions (6.0) - restriction: || (== net6.0) (&& (== netstandard2.0) (>= net6.0)) (&& (== netstandard2.1) (>= net6.0))
    Microsoft.Extensions.Logging (6.0) - restriction: || (== net6.0) (&& (== netstandard2.0) (>= net6.0)) (&& (== netstandard2.1) (>= net6.0))
      Microsoft.Extensions.DependencyInjection (>= 6.0)
      Microsoft.Extensions.DependencyInjection.Abstractions (>= 6.0)
      Microsoft.Extensions.Logging.Abstractions (>= 6.0)
      Microsoft.Extensions.Options (>= 6.0)
      System.Diagnostics.DiagnosticSource (>= 6.0)
    Microsoft.Extensions.Logging.Abstractions (6.0.2) - restriction: || (== net6.0) (&& (== netstandard2.0) (>= net6.0)) (&& (== netstandard2.1) (>= net6.0))
    Microsoft.Extensions.Options (6.0) - restriction: || (== net6.0) (&& (== netstandard2.0) (>= net6.0)) (&& (== netstandard2.1) (>= net6.0))
      Microsoft.Extensions.DependencyInjection.Abstractions (>= 6.0)
      Microsoft.Extensions.Primitives (>= 6.0)
    Microsoft.Extensions.Primitives (6.0) - restriction: || (== net6.0) (&& (== netstandard2.0) (>= net6.0)) (&& (== netstandard2.1) (>= net6.0))
      System.Runtime.CompilerServices.Unsafe (>= 6.0)
    System.Collections.Immutable (6.0) - restriction: || (== net6.0) (&& (== netstandard2.0) (>= net6.0)) (&& (== netstandard2.1) (>= net6.0))
      System.Runtime.CompilerServices.Unsafe (>= 6.0)
    System.Diagnostics.DiagnosticSource (6.0) - restriction: || (== net6.0) (&& (== netstandard2.0) (>= net6.0)) (&& (== netstandard2.1) (>= net6.0))
      System.Runtime.CompilerServices.Unsafe (>= 6.0)
    System.Runtime.CompilerServices.Unsafe (6.0) - restriction: || (== net6.0) (&& (== netstandard2.0) (>= net6.0)) (&& (== netstandard2.1) (>= net6.0))
HTTP
  remote: https://github.com
    emgu_cuda/emgu_cuda.zip (/emgucv/emgucv/releases/download/4.5.5/Emgu.runtime.windows.cuda.dnn.cnn.infer.8.2.0.nupkg)
    emgucv_cuda/emgucv_cuda.zip (/emgucv/emgucv/releases/download/4.5.5/Emgu.CV.runtime.windows.cuda.4.5.5.4823.nupkg)