RESTRICTION: == net6.0
NUGET
  remote: https://www.nuget.org/api/v2
    Emgu.CV (4.5.5.4823)
      System.Drawing.Primitives (>= 4.3)
      System.Runtime (>= 4.3.1)
      System.Runtime.InteropServices.RuntimeInformation (>= 4.3)
    Emgu.CV.Bitmap (4.5.5.4823)
      Emgu.CV (>= 4.5.5.4823)
      System.Drawing.Common (>= 6.0)
    Emgu.CV.runtime.windows (4.5.5.4823)
      Emgu.CV (>= 4.5.5.4823)
      Emgu.runtime.windows.msvc.rt.x64 (>= 19.29.30138)
      Emgu.runtime.windows.msvc.rt.x86 (>= 19.29.30138)
    Emgu.CV.UI (4.5.5.4823)
      Emgu.CV.Bitmap (>= 4.5.5.4823)
    Emgu.runtime.windows.cuda.blas (11.3.44)
    Emgu.runtime.windows.cuda.dnn (8.2)
      Emgu.runtime.windows.cuda.rt (11.3.44)
    Emgu.runtime.windows.cuda.dnn.adv (8.2)
      Emgu.runtime.windows.cuda.dnn (8.2)
    Emgu.runtime.windows.cuda.dnn.cnn.train (8.2)
      Emgu.runtime.windows.cuda.dnn (8.2)
    Emgu.runtime.windows.cuda.dnn.ops (8.2)
      Emgu.runtime.windows.cuda.dnn (8.2)
    Emgu.runtime.windows.cuda.fft (11.3.44)
    Emgu.runtime.windows.cuda.npp (11.3.44)
    Emgu.runtime.windows.cuda.rt (11.3.44)
    Emgu.runtime.windows.msvc.rt.x64 (19.33.31630)
    Emgu.runtime.windows.msvc.rt.x86 (19.33.31630)
    Microsoft.NETCore.Platforms (6.0.6)
    Microsoft.NETCore.Targets (5.0)
    Microsoft.Win32.SystemEvents (6.0.1)
    runtime.native.System (4.3.1)
      Microsoft.NETCore.Platforms (>= 1.1.1)
      Microsoft.NETCore.Targets (>= 1.1.3)
    System.Drawing.Common (6.0)
      Microsoft.Win32.SystemEvents (>= 6.0)
    System.Drawing.Primitives (4.3)
      System.Runtime (>= 4.3)
      System.Runtime.Extensions (>= 4.3)
    System.Globalization (4.3)
      Microsoft.NETCore.Platforms (>= 1.1)
      Microsoft.NETCore.Targets (>= 1.1)
      System.Runtime (>= 4.3)
    System.IO (4.3)
      Microsoft.NETCore.Platforms (>= 1.1)
      Microsoft.NETCore.Targets (>= 1.1)
      System.Runtime (>= 4.3)
      System.Text.Encoding (>= 4.3)
      System.Threading.Tasks (>= 4.3)
    System.Reflection (4.3)
      Microsoft.NETCore.Platforms (>= 1.1)
      Microsoft.NETCore.Targets (>= 1.1)
      System.IO (>= 4.3)
      System.Reflection.Primitives (>= 4.3)
      System.Runtime (>= 4.3)
    System.Reflection.Extensions (4.3)
      Microsoft.NETCore.Platforms (>= 1.1)
      Microsoft.NETCore.Targets (>= 1.1)
      System.Reflection (>= 4.3)
      System.Runtime (>= 4.3)
    System.Reflection.Primitives (4.3)
      Microsoft.NETCore.Platforms (>= 1.1)
      Microsoft.NETCore.Targets (>= 1.1)
      System.Runtime (>= 4.3)
    System.Resources.ResourceManager (4.3)
      Microsoft.NETCore.Platforms (>= 1.1)
      Microsoft.NETCore.Targets (>= 1.1)
      System.Globalization (>= 4.3)
      System.Reflection (>= 4.3)
      System.Runtime (>= 4.3)
    System.Runtime (4.3.1)
      Microsoft.NETCore.Platforms (>= 1.1.1)
      Microsoft.NETCore.Targets (>= 1.1.3)
    System.Runtime.Extensions (4.3.1)
      Microsoft.NETCore.Platforms (>= 1.1.1)
      Microsoft.NETCore.Targets (>= 1.1.3)
      System.Runtime (>= 4.3.1)
    System.Runtime.Handles (4.3)
      Microsoft.NETCore.Platforms (>= 1.1)
      Microsoft.NETCore.Targets (>= 1.1)
      System.Runtime (>= 4.3)
    System.Runtime.InteropServices (4.3)
      Microsoft.NETCore.Platforms (>= 1.1)
      Microsoft.NETCore.Targets (>= 1.1)
      System.Reflection (>= 4.3)
      System.Reflection.Primitives (>= 4.3)
      System.Runtime (>= 4.3)
      System.Runtime.Handles (>= 4.3)
    System.Runtime.InteropServices.RuntimeInformation (4.3)
      runtime.native.System (>= 4.3)
      System.Reflection (>= 4.3)
      System.Reflection.Extensions (>= 4.3)
      System.Resources.ResourceManager (>= 4.3)
      System.Runtime (>= 4.3)
      System.Runtime.InteropServices (>= 4.3)
      System.Threading (>= 4.3)
    System.Text.Encoding (4.3)
      Microsoft.NETCore.Platforms (>= 1.1)
      Microsoft.NETCore.Targets (>= 1.1)
      System.Runtime (>= 4.3)
    System.Threading (4.3)
      System.Runtime (>= 4.3)
      System.Threading.Tasks (>= 4.3)
    System.Threading.Tasks (4.3)
      Microsoft.NETCore.Platforms (>= 1.1)
      Microsoft.NETCore.Targets (>= 1.1)
      System.Runtime (>= 4.3)
  remote: paket-files\github.com\nugets
    Emgu.CV.runtime.windows.cuda (4.5.5.4823)
      Emgu.CV (>= 4.5.5.4823)
      Emgu.runtime.windows.cuda.blas (11.3.44)
      Emgu.runtime.windows.cuda.dnn (8.2)
      Emgu.runtime.windows.cuda.dnn.adv (8.2)
      Emgu.runtime.windows.cuda.dnn.cnn.infer (8.2)
      Emgu.runtime.windows.cuda.dnn.cnn.train (8.2)
      Emgu.runtime.windows.cuda.dnn.ops (8.2)
      Emgu.runtime.windows.cuda.fft (11.3.44)
      Emgu.runtime.windows.cuda.npp (11.3.44)
      Emgu.runtime.windows.cuda.rt (11.3.44)
      Emgu.runtime.windows.msvc.rt.x64 (>= 19.29.30138)
    Emgu.runtime.windows.cuda.dnn.cnn.infer (8.2.0)
      Emgu.runtime.windows.cuda.dnn (8.2)
HTTP
  remote: https://github.com
    nugets/Emgu.CV.runtime.windows.cuda.4.5.5.4823.nupkg (/emgucv/emgucv/releases/download/4.5.5/Emgu.CV.runtime.windows.cuda.4.5.5.4823.nupkg)
    nugets/Emgu.runtime.windows.cuda.dnn.cnn.infer.8.2.0.nupkg (/emgucv/emgucv/releases/download/4.5.5/Emgu.runtime.windows.cuda.dnn.cnn.infer.8.2.0.nupkg)